GEM
  remote: https://rubygems.org/
  specs:
    nio4r (2.7.4)
    puma (6.6.0)
      nio4r (~> 2.0)
    rack (3.1.12)
    rackup (2.2.1)
      rack (>= 3)

PLATFORMS
  arm64-darwin
  ruby

DEPENDENCIES
  puma (~> 6.6)
  rack (~> 3.1)
  rackup (~> 2.2)

BUNDLED WITH
   2.6.6
